GEM
  remote: https://rubygems.org/
  specs:
    alphred (1.1.1)
      builder (~> 3.2)
    builder (3.2.2)
    coderay (1.1.0)
    method_source (0.8.2)
    minitest (5.8.3)
    pry (0.10.3)
      coderay (~> 1.1.0)
      method_source (~> 0.8.1)
      slop (~> 3.4)
    slop (3.6.0)

PLATFORMS
  ruby

DEPENDENCIES
  alphred
  minitest
  pry

BUNDLED WITH
   1.11.2
